GEM
  remote: https://rubygems.org/
  specs:
    builder (3.1.4)
    haml (3.1.7)
    rack (1.4.1)
    rack-protection (1.2.0)
      rack
    rack-test (0.6.2)
      rack (>= 1.0)
    simple-rss (1.2.3)
    sinatra (1.3.3)
      rack (~> 1.3, >= 1.3.6)
      rack-protection (~> 1.2)
      tilt (~> 1.3, >= 1.3.3)
    tilt (1.3.3)

PLATFORMS
  ruby

DEPENDENCIES
  builder
  haml
  rack
  rack-test
  simple-rss
  sinatra

RUBY VERSION
   ruby 2.4.0p0

BUNDLED WITH
   1.14.3
